RESTRICTION: == net6.0

GROUP ../tools
RESTRICTION: == net5.0
NUGET
  remote: https://api.nuget.org/v3/index.json
    Cake (1.3)
    Cake.CoreCLR (1.3)
    JetBrains.ReSharper.CommandLineTools (2021.2.2)
    Paket (6.2.1)

GROUP ../tools/addins
RESTRICTION: == net5.0
NUGET
  remote: https://api.nuget.org/v3/index.json
    Cake.Paket (4.0)
    Newtonsoft.Json (13.0.1)
    YamlDotNet (11.2.1)

GROUP ../tools/modules
RESTRICTION: == net5.0
NUGET
  remote: https://api.nuget.org/v3/index.json
    Cake.Paket.Module (4.0)

GROUP ../tools/powershellModules
NUGET
  remote: https://www.powershellgallery.com/api/v2
    psyml (1.0.0)
